GEM
  remote: https://rubygems.org/
  specs:
    actioncable (6.1.4.4)
      actionpack (= 6.1.4.4)
      activesupport (= 6.1.4.4)
      nio4r (~> 2.0)
      websocket-driver (>= 0.6.1)
    actionmailbox (6.1.4.4)
      actionpack (= 6.1.4.4)
      activejob (= 6.1.4.4)
      activerecord (= 6.1.4.4)
      activestorage (= 6.1.4.4)
      activesupport (= 6.1.4.4)
      mail (>= 2.7.1)
    actionmailer (6.1.4.4)
      actionpack (= 6.1.4.4)
      actionview (= 6.1.4.4)
      activejob (= 6.1.4.4)
      activesupport (= 6.1.4.4)
      mail (~> 2.5, >= 2.5.4)
      rails-dom-testing (~> 2.0)
    actionpack (6.1.4.4)
      actionview (= 6.1.4.4)
      activesupport (= 6.1.4.4)
      rack (~> 2.0, >= 2.0.9)
      rack-test (>= 0.6.3)
      rails-dom-testing (~> 2.0)
      rails-html-sanitizer (~> 1.0, >= 1.2.0)
    actiontext (6.1.4.4)
      actionpack (= 6.1.4.4)
      activerecord (= 6.1.4.4)
      activestorage (= 6.1.4.4)
      activesupport (= 6.1.4.4)
      nokogiri (>= 1.8.5)
    actionview (6.1.4.4)
      activesupport (= 6.1.4.4)
      builder (~> 3.1)
      erubi (~> 1.4)
      rails-dom-testing (~> 2.0)
      rails-html-sanitizer (~> 1.1, >= 1.2.0)
    activejob (6.1.4.4)
      activesupport (= 6.1.4.4)
      globalid (>= 0.3.6)
    activemodel (6.1.4.4)
      activesupport (= 6.1.4.4)
    activerecord (6.1.4.4)
      activemodel (= 6.1.4.4)
      activesupport (= 6.1.4.4)
    activestorage (6.1.4.4)
      actionpack (= 6.1.4.4)
      activejob (= 6.1.4.4)
      activerecord (= 6.1.4.4)
      activesupport (= 6.1.4.4)
      marcel (~> 1.0.0)
      mini_mime (>= 1.1.0)
    activestorage-validator (0.2.0)
      rails (>= 6.0.4.1)
    activesupport (6.1.4.4)
      concurrent-ruby (~> 1.0, >= 1.0.2)
      i18n (>= 1.6, < 2)
      minitest (>= 5.1)
      tzinfo (~> 2.0)
      zeitwerk (~> 2.3)
    addressable (2.8.0)
      public_suffix (>= 2.0.2, < 5.0)
    ast (2.4.2)
    autoprefixer-rails (10.4.2.0)
      execjs (~> 2)
    bcrypt (3.1.17)
    bindex (0.8.1)
    bootsnap (1.10.3)
      msgpack (~> 1.2)
    bootstrap (4.1.3)
      autoprefixer-rails (>= 6.0.3)
      popper_js (>= 1.12.9, < 2)
      sass (>= 3.5.2)
    brakeman (5.1.1)
    builder (3.2.4)
    byebug (11.1.3)
    capybara (3.36.0)
      addressable
      matrix
      mini_mime (>= 0.1.3)
      nokogiri (~> 1.8)
      rack (>= 1.6.0)
      rack-test (>= 0.6.3)
      regexp_parser (>= 1.5, < 3.0)
      xpath (~> 3.2)
    childprocess (4.1.0)
    concurrent-ruby (1.1.9)
    crass (1.0.6)
    declarative (0.0.20)
    devise (4.8.1)
      bcrypt (~> 3.0)
      orm_adapter (~> 0.1)
      railties (>= 4.1.0)
      responders
      warden (~> 1.2.3)
    devise-token_authenticatable (1.1.0)
      devise (>= 4.0.0, < 5.0.0)
    diff-lcs (1.4.4)
    digest-crc (0.6.4)
      rake (>= 12.0.0, < 14.0.0)
    docile (1.4.0)
    erubi (1.10.0)
    execjs (2.8.1)
    faraday (2.2.0)
      faraday-net_http (~> 2.0)
      ruby2_keywords (>= 0.0.4)
    faraday-net_http (2.0.1)
    ffi (1.15.5)
    globalid (1.0.0)
      activesupport (>= 5.0)
    google-apis-core (0.4.2)
      addressable (~> 2.5, >= 2.5.1)
      googleauth (>= 0.16.2, < 2.a)
      httpclient (>= 2.8.1, < 3.a)
      mini_mime (~> 1.0)
      representable (~> 3.0)
      retriable (>= 2.0, < 4.a)
      rexml
      webrick
    google-apis-iamcredentials_v1 (0.10.0)
      google-apis-core (>= 0.4, < 2.a)
    google-apis-storage_v1 (0.12.0)
      google-apis-core (>= 0.4, < 2.a)
    google-cloud-core (1.6.0)
      google-cloud-env (~> 1.0)
      google-cloud-errors (~> 1.0)
    google-cloud-env (1.6.0)
      faraday (>= 0.17.3, < 3.0)
    google-cloud-errors (1.2.0)
    google-cloud-storage (1.36.1)
      addressable (~> 2.8)
      digest-crc (~> 0.4)
      google-apis-iamcredentials_v1 (~> 0.1)
      google-apis-storage_v1 (~> 0.1)
      google-cloud-core (~> 1.6)
      googleauth (>= 0.16.2, < 2.a)
      mini_mime (~> 1.0)
    googleauth (1.1.2)
      faraday (>= 0.17.3, < 3.a)
      jwt (>= 1.4, < 3.0)
      memoist (~> 0.16)
      multi_json (~> 1.11)
      os (>= 0.9, < 2.0)
      signet (>= 0.16, < 2.a)
    hashie (5.0.0)
    httparty (0.20.0)
      mime-types (~> 3.0)
      multi_xml (>= 0.5.2)
    httpclient (2.8.3)
    i18n (1.9.1)
      concurrent-ruby (~> 1.0)
    jbuilder (2.11.5)
      actionview (>= 5.0.0)
      activesupport (>= 5.0.0)
    jwt (2.3.0)
    listen (3.7.1)
      rb-fsevent (~> 0.10, >= 0.10.3)
      rb-inotify (~> 0.9, >= 0.9.10)
    loofah (2.13.0)
      crass (~> 1.0.2)
      nokogiri (>= 1.5.9)
    mail (2.7.1)
      mini_mime (>= 0.1.1)
    marcel (1.0.2)
    matrix (0.4.2)
    memoist (0.16.2)
    method_source (1.0.0)
    mime-types (3.4.1)
      mime-types-data (~> 3.2015)
    mime-types-data (3.2022.0105)
    mini_mime (1.1.2)
    minitest (5.15.0)
    msgpack (1.4.4)
    multi_json (1.15.0)
    multi_xml (0.6.0)
    nio4r (2.5.8)
    nokogiri (1.13.1-x86_64-linux)
      racc (~> 1.4)
    oauth2 (1.4.9)
      faraday (>= 0.17.3, < 3.0)
      jwt (>= 1.0, < 3.0)
      multi_json (~> 1.3)
      multi_xml (~> 0.5)
      rack (>= 1.2, < 3)
    omniauth (2.0.4)
      hashie (>= 3.4.6)
      rack (>= 1.6.2, < 3)
      rack-protection
    omniauth-google-oauth2 (1.0.1)
      jwt (>= 2.0)
      oauth2 (~> 1.1)
      omniauth (~> 2.0)
      omniauth-oauth2 (~> 1.7.1)
    omniauth-oauth2 (1.7.2)
      oauth2 (~> 1.4)
      omniauth (>= 1.9, < 3)
    omniauth-rails_csrf_protection (1.0.1)
      actionpack (>= 4.2)
      omniauth (~> 2.0)
    orm_adapter (0.5.0)
    os (1.1.4)
    parallel (1.21.0)
    parser (3.0.2.0)
      ast (~> 2.4.1)
    pg (1.3.1)
    popper_js (1.16.0)
    public_suffix (4.0.6)
    puma (5.6.1)
      nio4r (~> 2.0)
    racc (1.6.0)
    rack (2.2.3)
    rack-mini-profiler (2.3.3)
      rack (>= 1.2.0)
    rack-protection (2.2.0)
      rack
    rack-proxy (0.7.2)
      rack
    rack-test (1.1.0)
      rack (>= 1.0, < 3)
    rails (6.1.4.4)
      actioncable (= 6.1.4.4)
      actionmailbox (= 6.1.4.4)
      actionmailer (= 6.1.4.4)
      actionpack (= 6.1.4.4)
      actiontext (= 6.1.4.4)
      actionview (= 6.1.4.4)
      activejob (= 6.1.4.4)
      activemodel (= 6.1.4.4)
      activerecord (= 6.1.4.4)
      activestorage (= 6.1.4.4)
      activesupport (= 6.1.4.4)
      bundler (>= 1.15.0)
      railties (= 6.1.4.4)
      sprockets-rails (>= 2.0.0)
    rails-dom-testing (2.0.3)
      activesupport (>= 4.2.0)
      nokogiri (>= 1.6)
    rails-html-sanitizer (1.4.2)
      loofah (~> 2.3)
    railties (6.1.4.4)
      actionpack (= 6.1.4.4)
      activesupport (= 6.1.4.4)
      method_source
      rake (>= 0.13)
      thor (~> 1.0)
    rainbow (3.0.0)
    rake (13.0.6)
    rb-fsevent (0.11.1)
    rb-inotify (0.10.1)
      ffi (~> 1.0)
    regexp_parser (2.2.0)
    representable (3.1.1)
      declarative (< 0.1.0)
      trailblazer-option (>= 0.1.1, < 0.2.0)
      uber (< 0.2.0)
    responders (3.0.1)
      actionpack (>= 5.0)
      railties (>= 5.0)
    retriable (3.1.2)
    rexml (3.2.5)
    rspec-core (3.10.1)
      rspec-support (~> 3.10.0)
    rspec-expectations (3.10.1)
      diff-lcs (>= 1.2.0, < 2.0)
      rspec-support (~> 3.10.0)
    rspec-mocks (3.10.2)
      diff-lcs (>= 1.2.0, < 2.0)
      rspec-support (~> 3.10.0)
    rspec-rails (5.0.2)
      actionpack (>= 5.2)
      activesupport (>= 5.2)
      railties (>= 5.2)
      rspec-core (~> 3.10)
      rspec-expectations (~> 3.10)
      rspec-mocks (~> 3.10)
      rspec-support (~> 3.10)
    rspec-support (3.10.2)
    rubocop (1.21.0)
      parallel (~> 1.10)
      parser (>= 3.0.0.0)
      rainbow (>= 2.2.2, < 4.0)
      regexp_parser (>= 1.8, < 3.0)
      rexml
      rubocop-ast (>= 1.9.1, < 2.0)
      ruby-progressbar (~> 1.7)
      unicode-display_width (>= 1.4.0, < 3.0)
    rubocop-ast (1.11.0)
      parser (>= 3.0.1.1)
    ruby-progressbar (1.11.0)
    ruby2_keywords (0.0.5)
    rubyzip (2.3.2)
    sass (3.7.4)
      sass-listen (~> 4.0.0)
    sass-listen (4.0.0)
      rb-fsevent (~> 0.9, >= 0.9.4)
      rb-inotify (~> 0.9, >= 0.9.7)
    sass-rails (6.0.0)
      sassc-rails (~> 2.1, >= 2.1.1)
    sassc (2.4.0)
      ffi (~> 1.9)
    sassc-rails (2.1.2)
      railties (>= 4.0.0)
      sassc (>= 2.0)
      sprockets (> 3.0)
      sprockets-rails
      tilt
    selenium-webdriver (4.1.0)
      childprocess (>= 0.5, < 5.0)
      rexml (~> 3.2, >= 3.2.5)
      rubyzip (>= 1.2.2)
    semantic_range (3.0.0)
    signet (0.16.1)
      addressable (~> 2.8)
      faraday (>= 0.17.5, < 3.0)
      jwt (>= 1.5, < 3.0)
      multi_json (~> 1.10)
    simplecov (0.21.2)
      docile (~> 1.1)
      simplecov-html (~> 0.11)
      simplecov_json_formatter (~> 0.1)
    simplecov-html (0.12.3)
    simplecov_json_formatter (0.1.3)
    spring (4.0.0)
    sprockets (4.0.2)
      concurrent-ruby (~> 1.0)
      rack (> 1, < 3)
    sprockets-rails (3.4.2)
      actionpack (>= 5.2)
      activesupport (>= 5.2)
      sprockets (>= 3.0.0)
    thor (1.2.1)
    thread (0.2.2)
    tilt (2.0.10)
    trailblazer-option (0.1.2)
    turbolinks (5.2.1)
      turbolinks-source (~> 5.2)
    turbolinks-source (5.2.0)
    tzinfo (2.0.4)
      concurrent-ruby (~> 1.0)
    uber (0.1.0)
    unicode-display_width (2.1.0)
    warden (1.2.9)
      rack (>= 2.0.9)
    web-console (4.2.0)
      actionview (>= 6.0.0)
      activemodel (>= 6.0.0)
      bindex (>= 0.4.0)
      railties (>= 6.0.0)
    webdrivers (5.0.0)
      nokogiri (~> 1.6)
      rubyzip (>= 1.3.0)
      selenium-webdriver (~> 4.0)
    webpacker (5.4.3)
      activesupport (>= 5.2)
      rack-proxy (>= 0.6.1)
      railties (>= 5.2)
      semantic_range (>= 2.3.0)
    webrick (1.7.0)
    websocket-driver (0.7.5)
      websocket-extensions (>= 0.1.0)
    websocket-extensions (0.1.5)
    xpath (3.2.0)
      nokogiri (~> 1.8)
    yaml_db (0.7.0)
      rails (>= 3.0)
      rake (>= 0.8.7)
    zeitwerk (2.5.4)

PLATFORMS
  x86_64-linux

DEPENDENCIES
  activestorage-validator
  bootsnap (>= 1.4.4)
  bootstrap (~> 4.1.3)
  brakeman
  byebug
  capybara (>= 3.26)
  devise
  devise-token_authenticatable
  google-cloud-storage
  httparty
  jbuilder (~> 2.7)
  listen (~> 3.3)
  nokogiri
  omniauth
  omniauth-google-oauth2
  omniauth-rails_csrf_protection (~> 1.0)
  pg (~> 1.1)
  puma (~> 5.0)
  rack-mini-profiler (~> 2.0)
  rails (~> 6.1.4, >= 6.1.4.1)
  rexml
  rspec-rails
  rubocop
  sass-rails (>= 6)
  selenium-webdriver
  simplecov
  spring
  thread
  turbolinks (~> 5)
  tzinfo-data
  warden
  web-console (>= 4.1.0)
  webdrivers
  webpacker (~> 5.0)
  yaml_db

RUBY VERSION
   ruby 3.0.2p107

BUNDLED WITH
   2.2.28
